GEM
  remote: https://rubygems.org/
  specs:
    activemodel (3.2.22.5)
      activesupport (= 3.2.22.5)
      builder (~> 3.0.0)
    activerecord (3.2.22.5)
      activemodel (= 3.2.22.5)
      activesupport (= 3.2.22.5)
      arel (~> 3.0.2)
      tzinfo (~> 0.3.29)
    activesupport (3.2.22.5)
      i18n (~> 0.6, >= 0.6.4)
      multi_json (~> 1.0)
    arel (3.0.3)
    avro (1.8.1)
      multi_json
    builder (3.0.4)
    em-zeromq (0.5.0)
      eventmachine (>= 1.0.0)
      ffi (>= 1.0.0)
      ffi-rzmq (~> 2.0.1)
    eventmachine (1.2.0.1)
    eventmachine_httpserver_update (0.2.1)
    ffi (1.9.14)
    ffi-rzmq (2.0.4)
      ffi-rzmq-core (>= 1.0.1)
    ffi-rzmq-core (1.0.5)
      ffi
    i18n (0.7.0)
    log4r (1.1.10)
    multi_json (1.12.1)
    rflow (1.2.0)
      activerecord (~> 3.2)
      avro (~> 1.7)
      em-zeromq (~> 0.5.0)
      log4r (~> 1.1)
      sqlite3 (~> 1.3)
      sys-filesystem (~> 1.1)
      uuidtools (~> 2.1)
    rflow-components-file (1.1.0)
      rflow (~> 1.0)
    rflow-components-http (1.1.0)
      eventmachine_httpserver_update (~> 0.2.1)
      rflow (~> 1.0)
    sqlite3 (1.3.12)
    sys-filesystem (1.1.7)
      ffi
    tzinfo (0.3.51)
    uuidtools (2.1.5)

PLATFORMS
  ruby

DEPENDENCIES
  rflow (>= 1.0.0a1)
  rflow-components-file (>= 1.0.0a1)
  rflow-components-http (>= 1.0.0a2)

BUNDLED WITH
   1.12.5
