GEM
  remote: https://rubygems.org/
  specs:
    activemodel (4.2.11.1)
      activesupport (= 4.2.11.1)
      builder (~> 3.1)
    activerecord (4.2.11.1)
      activemodel (= 4.2.11.1)
      activesupport (= 4.2.11.1)
      arel (~> 6.0)
    activesupport (4.2.11.1)
      i18n (~> 0.7)
      minitest (~> 5.1)
      thread_safe (~> 0.3, >= 0.3.4)
      tzinfo (~> 1.1)
    arel (6.0.4)
    avro (1.8.2)
      multi_json
    avro-patches (0.4.1)
      avro (= 1.8.2)
    builder (3.2.3)
    concurrent-ruby (1.1.5)
    em-zeromq (0.5.0)
      eventmachine (>= 1.0.0)
      ffi (>= 1.0.0)
      ffi-rzmq (~> 2.0.1)
    eventmachine (1.2.7)
    eventmachine_httpserver_update (0.2.1)
    ffi (1.11.1)
    ffi-rzmq (2.0.7)
      ffi-rzmq-core (>= 1.0.7)
    ffi-rzmq-core (1.0.7)
      ffi
    i18n (0.9.5)
      concurrent-ruby (~> 1.0)
    log4r (1.1.10)
    minitest (5.11.3)
    multi_json (1.13.1)
    rflow (1.3.2)
      activerecord (~> 4.0)
      avro (~> 1.8)
      avro-patches (~> 0.4)
      em-zeromq (~> 0.5)
      log4r (~> 1.1)
      sqlite3 (~> 1.3)
      sys-filesystem (~> 1.1)
      uuidtools (~> 2.1)
    rflow-components-file (1.2.1)
      rflow (~> 1.2)
    rflow-components-http (1.1.1)
      eventmachine_httpserver_update (~> 0.2, >= 0.2.1)
      rflow (~> 1.0)
    sqlite3 (1.4.1)
    sys-filesystem (1.2.0)
      ffi
    thread_safe (0.3.6)
    tzinfo (1.2.5)
      thread_safe (~> 0.1)
    uuidtools (2.1.5)

PLATFORMS
  ruby

DEPENDENCIES
  rflow (>= 1.3.0a1)
  rflow-components-file
  rflow-components-http

BUNDLED WITH
   1.17.3
