GEM
  remote: https://rubygems.org/
  specs:
    activemodel (4.2.7.1)
      activesupport (= 4.2.7.1)
      builder (~> 3.1)
    activerecord (4.2.7.1)
      activemodel (= 4.2.7.1)
      activesupport (= 4.2.7.1)
      arel (~> 6.0)
    activesupport (4.2.7.1)
      i18n (~> 0.7)
      json (~> 1.7, >= 1.7.7)
      minitest (~> 5.1)
      thread_safe (~> 0.3, >= 0.3.4)
      tzinfo (~> 1.1)
    arel (6.0.3)
    avro (1.8.1)
      multi_json
    builder (3.2.2)
    em-zeromq (0.5.0)
      eventmachine (>= 1.0.0)
      ffi (>= 1.0.0)
      ffi-rzmq (~> 2.0.1)
    eventmachine (1.2.0.1)
    eventmachine_httpserver_update (0.2.1)
    ffi (1.9.14)
    ffi-rzmq (2.0.4)
      ffi-rzmq-core (>= 1.0.1)
    ffi-rzmq-core (1.0.5)
      ffi
    i18n (0.7.0)
    json (1.8.3)
    log4r (1.1.10)
    minitest (5.9.1)
    multi_json (1.12.1)
    rflow (1.3.0a1)
      activerecord (~> 4.0)
      avro (~> 1.8)
      em-zeromq (~> 0.5)
      log4r (~> 1.1)
      sqlite3 (~> 1.3)
      sys-filesystem (~> 1.1)
      uuidtools (~> 2.1)
    rflow-components-file (1.1.1)
      rflow (~> 1.2)
    rflow-components-http (1.1.0)
      eventmachine_httpserver_update (~> 0.2.1)
      rflow (~> 1.0)
    sqlite3 (1.3.12)
    sys-filesystem (1.1.7)
      ffi
    thread_safe (0.3.5)
    tzinfo (1.2.2)
      thread_safe (~> 0.1)
    uuidtools (2.1.5)

PLATFORMS
  ruby

DEPENDENCIES
  rflow (>= 1.3.0a1)
  rflow-components-file
  rflow-components-http

BUNDLED WITH
   1.13.2
